GEM
  remote: http://rubygems.org/
  specs:
    activemodel (3.2.7)
      activesupport (= 3.2.7)
      builder (~> 3.0.0)
    activesupport (3.2.7)
      i18n (~> 0.6)
      multi_json (~> 1.0)
    addressable (2.3.2)
    builder (3.0.0)
    coderay (1.0.7)
    diff-lcs (1.1.3)
    git (1.2.5)
    haml (3.1.6)
    i18n (0.6.0)
    jeweler (1.6.4)
      bundler (~> 1.0)
      git (>= 1.2.5)
      rake
    launchy (2.1.1)
      addressable (~> 2.3)
    method_source (0.8)
    mongoid (3.0.3)
      activemodel (~> 3.1)
      moped (~> 1.1)
      origin (~> 1.0)
      tzinfo (~> 0.3.22)
    moped (1.2.0)
    multi_json (1.3.6)
    origin (1.0.4)
    pry (0.9.10)
      coderay (~> 1.0.5)
      method_source (~> 0.8)
      slop (~> 3.3.1)
    rack (1.4.1)
    rack-protection (1.2.0)
      rack
    rake (0.9.2.2)
    rspec (2.3.0)
      rspec-core (~> 2.3.0)
      rspec-expectations (~> 2.3.0)
      rspec-mocks (~> 2.3.0)
    rspec-core (2.3.1)
    rspec-expectations (2.3.0)
      diff-lcs (~> 1.1.2)
    rspec-mocks (2.3.0)
    sass (3.1.20)
    shotgun (0.9)
      rack (>= 1.0)
    sinatra (1.3.2)
      rack (~> 1.3, >= 1.3.6)
      rack-protection (~> 1.2)
      tilt (~> 1.3, >= 1.3.3)
    slop (3.3.2)
    tilt (1.3.3)
    tzinfo (0.3.33)
    yard (0.6.8)

PLATFORMS
  ruby

DEPENDENCIES
  haml
  jeweler (~> 1.6.0)
  launchy
  mongoid
  pry
  rack (>= 1.0.0)
  rspec (~> 2.3.0)
  sass
  shotgun
  sinatra
  yard (~> 0.6.0)
